GEM
  remote: http://rubygems.org/
  specs:
    ansi (1.3.0)
    cri (2.0.2)
    facets (2.9.2)
    git (1.2.5)
    jeweler (1.6.4)
      bundler (~> 1.0)
      git (>= 1.2.5)
      rake
    minitest (2.6.0)
    rake (0.9.2)
    riot (0.12.5)
      rr
    rr (1.0.4)
    vclog (1.8.1)
      ansi (>= 1.2)
      facets (>= 2.4)
    yard (0.6.8)

PLATFORMS
  ruby

DEPENDENCIES
  bundler (~> 1.0.0)
  cri (~> 2.0.2)
  facets (>= 2.4)
  jeweler (~> 1.6.0)
  minitest
  riot
  vclog (~> 1.8.1)
  yard (~> 0.6.0)
